GEM
  remote: https://rubygems.org/
  specs:
    git (1.2.5)
    jeweler (1.5.0.pre3)
      bundler (~> 1.0.0)
      git (>= 1.2.5)
      rake
    rake (0.8.7)
    rdiscount (1.6.5)
    rspec (1.3.0)
    yard (0.5.8)

PLATFORMS
  java
  ruby

DEPENDENCIES
  jeweler (~> 1.5.0.pre)
  rake (~> 0.8.7)
  rdiscount (~> 1.6.3)
  rspec (~> 1.3.0)
  yard (~> 0.5.3)
